PATH
  remote: .
  specs:
    brightbox-cli (2.1.2)
      fog-brightbox (>= 0.9.0)
      gli (~> 2.12.0)
      highline (~> 1.6.0)
      hirb (~> 0.6)
      i18n (~> 0.6.0)
      multi_json (~> 1.11.0)
      net-ssh (< 3.0)

GEM
  remote: https://rubygems.org/
  specs:
    builder (3.2.2)
    coderay (1.0.9)
    diff-lcs (1.2.5)
    excon (0.45.4)
    fog-brightbox (0.9.0)
      fog-core (~> 1.22)
      fog-json
      inflecto (~> 0.0.2)
    fog-core (1.32.1)
      builder
      excon (~> 0.45)
      formatador (~> 0.2)
      mime-types
      net-scp (~> 1.1)
      net-ssh (>= 2.1.3)
    fog-json (1.0.2)
      fog-core (~> 1.0)
      multi_json (~> 1.10)
    formatador (0.2.5)
    gli (2.12.3)
    highline (1.6.21)
    hirb (0.7.3)
    i18n (0.6.11)
    inflecto (0.0.2)
    metaclass (0.0.1)
    method_source (0.8.1)
    mime-types (2.6.2)
    mocha (0.14.0)
      metaclass (~> 0.0.1)
    multi_json (1.11.2)
    net-scp (1.2.1)
      net-ssh (>= 2.6.5)
    net-ssh (2.9.2)
    pry (0.9.12.2)
      coderay (~> 1.0.5)
      method_source (~> 0.8)
      slop (~> 3.4)
    rake (10.1.0)
    rspec (2.99.0)
      rspec-core (~> 2.99.0)
      rspec-expectations (~> 2.99.0)
      rspec-mocks (~> 2.99.0)
    rspec-core (2.99.1)
    rspec-expectations (2.99.1)
      diff-lcs (>= 1.1.3, < 2.0)
    rspec-mocks (2.99.1)
    slop (3.4.5)
    vcr (2.5.0)

PLATFORMS
  ruby

DEPENDENCIES
  brightbox-cli!
  mocha
  pry
  rake
  rspec (~> 2.99)
  vcr (~> 2.5)

BUNDLED WITH
   1.10.6
