PATH
  remote: .
  specs:
    brightbox-cli (1.1.0)
      excon
      fog (~> 1.19.0)
      gli (~> 2.9)
      highline (~> 1.6)
      hirb (~> 0.6)
      i18n
      mime-types (~> 1.25)
      nokogiri (~> 1.5.0)

GEM
  remote: https://rubygems.org/
  specs:
    builder (3.2.2)
    coderay (1.0.9)
    diff-lcs (1.2.4)
    excon (0.31.0)
    fog (1.19.0)
      builder
      excon (~> 0.31.0)
      formatador (~> 0.2.0)
      mime-types
      multi_json (~> 1.0)
      net-scp (~> 1.1)
      net-ssh (>= 2.1.3)
      nokogiri (~> 1.5)
      ruby-hmac
    formatador (0.2.4)
    gli (2.9.0)
    highline (1.6.20)
    hirb (0.7.1)
    i18n (0.6.9)
    metaclass (0.0.1)
    method_source (0.8.1)
    mime-types (1.25.1)
    mocha (0.14.0)
      metaclass (~> 0.0.1)
    multi_json (1.8.4)
    net-scp (1.1.2)
      net-ssh (>= 2.6.5)
    net-ssh (2.7.0)
    nokogiri (1.5.11)
    pry (0.9.12.2)
      coderay (~> 1.0.5)
      method_source (~> 0.8)
      slop (~> 3.4)
    rake (10.1.0)
    rspec (2.14.1)
      rspec-core (~> 2.14.0)
      rspec-expectations (~> 2.14.0)
      rspec-mocks (~> 2.14.0)
    rspec-core (2.14.2)
    rspec-expectations (2.14.0)
      diff-lcs (>= 1.1.3, < 2.0)
    rspec-mocks (2.14.1)
    ruby-hmac (0.4.0)
    slop (3.4.5)
    vcr (2.5.0)

PLATFORMS
  ruby

DEPENDENCIES
  brightbox-cli!
  mocha
  pry
  rake
  rspec (~> 2.14)
  vcr (~> 2.5)
